PATH
  remote: .
  specs:
    hashring_bench (0.1.0)
      zlib (~> 0.1.0)

GEM
  remote: https://rubygems.org/
  specs:
    benchmark-ips (2.10.0)
    diff-lcs (1.5.0)
    rake (10.5.0)
    rspec (3.11.0)
      rspec-core (~> 3.11.0)
      rspec-expectations (~> 3.11.0)
      rspec-mocks (~> 3.11.0)
    rspec-core (3.11.0)
      rspec-support (~> 3.11.0)
    rspec-expectations (3.11.0)
      diff-lcs (>= 1.2.0, < 2.0)
      rspec-support (~> 3.11.0)
    rspec-mocks (3.11.1)
      diff-lcs (>= 1.2.0, < 2.0)
      rspec-support (~> 3.11.0)
    rspec-support (3.11.0)
    zlib (0.1.0)

PLATFORMS
  ruby

DEPENDENCIES
  benchmark-ips (~> 2.10)
  bundler (~> 1.17)
  hashring_bench!
  rake (~> 10.0)
  rspec (~> 3.0)

BUNDLED WITH
   1.17.2
